RESTRICTION: == net461
NUGET
  remote: https://www.nuget.org/api/v2
    AWSSDK.Core (3.3.21.10)
    AWSSDK.Lambda (3.3.12)
      AWSSDK.Core (>= 3.3.19 < 3.4)
    CommonServiceLocator (2.0.2)
    CryptSharpOfficial (2.1)
    Fable.Core (1.3.8)
    Fable.Import.Browser (1.1.1)
    FSharp.Compiler.Service (17.0.1)
      System.Collections.Immutable (>= 1.3.1)
      System.Reflection.Metadata (>= 1.4.2)
    FSharp.Compiler.Tools (4.1.23)
    FSharp.Configuration (1.3.1)
      FSharp.Core (>= 4.0.0.1)
    FSharp.Core (4.2.3)
    FSharp.Data (2.4.4)
    FSharp.Data.SqlClient (1.8.2)
    FSharp.Quotations.Evaluator (1.0.7)
    FSharpPlus (1.0.0-CI00136)
      FSharp.Core (>= 4.2.3)
    Hopac (0.3.23)
      FSharp.Core (>= 3.1.2.5)
    HtmlAgilityPack (1.6.16)
    Http.fs (5.0)
      FSharp.Core (>= 4.1.18)
      Hopac (>= 0.3.23)
    IntelliFactory.Xml (0.6.64.1)
    Microsoft.Owin (3.1)
      Owin (>= 1.0)
    Microsoft.Owin.Diagnostics (3.1)
      Microsoft.Owin (>= 3.1)
      Owin (>= 1.0)
    Microsoft.Owin.FileSystems (3.1)
    Microsoft.Owin.Host.HttpListener (3.1)
    Microsoft.Owin.Hosting (3.1)
      Microsoft.Owin (>= 3.1)
      Owin (>= 1.0)
    Microsoft.Owin.StaticFiles (3.1)
      Microsoft.Owin (>= 3.1)
      Microsoft.Owin.FileSystems (>= 3.1)
      Owin (>= 1.0)
    Mono.Cecil (0.10.0-beta6)
    Newtonsoft.Json (10.0.3)
    NUnit (2.6.4)
    Owin (1.0)
    Owin.Compression (1.0.18)
      FSharp.Core (>= 4.2.3 < 4.3)
      Microsoft.Owin (>= 3.1 < 4.0)
      Owin (>= 1.0)
    SSH.NET (2016.1)
    System.Collections.Immutable (1.3.1)
    System.IO.Compression (4.3)
    System.Reflection.Metadata (1.4.2)
      System.Collections.Immutable (>= 1.3.1)
    System.ValueTuple (4.4)
    Unquote (4.0)
    WebSharper (4.1.7.232)
    WebSharper.Compiler (3.6.20.6)
      WebSharper (>= 3.6.20.6)
    WebSharper.Formlets (4.1.22.89)
      WebSharper (>= 4.1.2.178)
      WebSharper.Html (>= 4.1.22.98)
      WebSharper.Reactive (>= 4.1.22.87)
    WebSharper.FSharp (4.1.7.232)
      WebSharper (4.1.7.232)
    WebSharper.Html (4.1.22.98)
      IntelliFactory.Xml (>= 0.6.64.1)
      WebSharper (>= 4.1.2.178)
    WebSharper.Owin (4.1.21.90)
      Microsoft.Owin (>= 3.1)
      Owin (>= 1.0)
      WebSharper (>= 4.1.2.178)
    WebSharper.Owin.WebSocket (4.1.17.95)
      CommonServiceLocator (>= 1.3)
      Microsoft.Owin (>= 3.1)
      Owin (>= 1.0)
      WebSharper (>= 4.1.2.178)
      WebSharper.Owin (>= 4.1.21.90)
    WebSharper.Reactive (4.1.22.87)
      WebSharper (>= 4.1.2.178)
    WebSharper.UI (4.1.1.64)
      WebSharper (>= 4.1.5.203)
    WebSharper.UI.Next (4.1.0.162)
      WebSharper (>= 4.1.3.184)
    XPlot.Plotly (1.4.1)
      Http.fs
      Newtonsoft.Json
