RESTRICTION: == net47
NUGET
  remote: https://www.nuget.org/api/v2
    CryptSharpOfficial (2.1)
    Fable.Core (1.2.4)
    FSharp.Compiler.Service (17.0.1)
      System.Collections.Immutable (>= 1.3.1)
      System.Reflection.Metadata (>= 1.4.2)
    FSharp.Compiler.Tools (4.1.23)
    FSharp.Configuration (1.3)
      FSharp.Core (>= 4.0.0.1)
    FSharp.Core (4.2.3)
    FSharp.Data (2.3.3)
    FSharp.Data.SqlClient (1.8.2)
    FSharp.Quotations.Evaluator (1.0.7)
    FSharpPlus (1.0.0-CI00089)
      FSharp.Core
    FsUnit (3.0)
      FSharp.Core (>= 3.1.2.5)
      NUnit (>= 3.6)
    Hopac (0.3.23)
      FSharp.Core (>= 3.1.2.5)
    HtmlAgilityPack (1.5.5)
    Http.fs (4.1.2)
      FSharp.Core (>= 3.1.2.5)
      Hopac (>= 0.3.21)
    Microsoft.NETCore.Platforms (2.0.1)
    Microsoft.Owin (3.1)
      Owin (>= 1.0)
    Microsoft.Owin.Diagnostics (3.1)
      Microsoft.Owin (>= 3.1)
      Owin (>= 1.0)
    Microsoft.Owin.FileSystems (3.1)
    Microsoft.Owin.Host.HttpListener (3.1)
    Microsoft.Owin.Hosting (3.1)
      Microsoft.Owin (>= 3.1)
      Owin (>= 1.0)
    Microsoft.Owin.StaticFiles (3.1)
      Microsoft.Owin (>= 3.1)
      Microsoft.Owin.FileSystems (>= 3.1)
      Owin (>= 1.0)
    Mono.Cecil (0.10.0-beta6)
    NETStandard.Library (2.0.1)
      Microsoft.NETCore.Platforms (>= 1.1)
    Newtonsoft.Json (10.0.3)
    NUnit (3.9)
    Owin (1.0)
    Owin.Compression (1.0.18)
      FSharp.Core (>= 4.2.3 < 4.3)
      Microsoft.Owin (>= 3.1 < 4.0)
      Owin (>= 1.0)
    System.Collections.Immutable (1.4)
      NETStandard.Library (>= 1.6.1)
    System.IO.Compression (4.3.0-preview1-24530-04)
    System.Reflection.Metadata (1.5)
      NETStandard.Library (>= 1.6.1)
      System.Collections.Immutable (>= 1.4)
    System.ValueTuple (4.4)
    XPlot.Plotly (1.4.1)
      Http.fs
      Newtonsoft.Json
    Zafir (4.0.188.91-beta10)
    Zafir.Compiler (4.0.188.91-beta10)
      Zafir (>= 4.0.188.91-beta10)
    Zafir.FSharp (4.0.188.91-beta10)
      Zafir (>= 4.0.188.91-beta10)
    Zafir.Owin (4.0.92.49-beta10)
      Microsoft.Owin (>= 3.1)
      Owin (>= 1.0)
      Zafir (>= 4.0.188.91-beta10)
    Zafir.UI.Next (4.0.169.79-beta10)
      Zafir (>= 4.0.188.91-beta10)
