RESTRICTION: == net461
NUGET
  remote: https://www.nuget.org/api/v2
    AWSSDK.Core (3.3.21.10)
    AWSSDK.Lambda (3.3.12)
      AWSSDK.Core (>= 3.3.19 < 3.4)
    CommonServiceLocator (1.3)
    CryptSharpOfficial (2.1)
    Fable.Core (1.3.8)
    Fable.Import.Browser (1.1.1)
    FsCheck (2.10.10)
      FSharp.Core (>= 4.0.0.1)
    FSharp.Compiler.Service (17.0.1)
      System.Collections.Immutable (>= 1.3.1)
      System.Reflection.Metadata (>= 1.4.2)
    FSharp.Compiler.Tools (4.1.23)
    FSharp.ComProvider (1.0.0-pre1)
    FSharp.Configuration (1.3.1)
      FSharp.Core (>= 4.0.0.1)
    FSharp.Core (4.2.3)
    FSharp.Data (2.4.6)
    FSharp.Data.SqlClient (1.8.2)
    FSharp.Formatting (2.10)
      FSharp.Compiler.Service (>= 0.0.87)
      FSharpVSPowerTools.Core (1.8)
    FSharp.Quotations.Evaluator (1.0.7)
    FSharpPlus (1.0.0-CI00136)
      FSharp.Core (>= 4.2.3)
    FSharpVSPowerTools.Core (1.8)
      FSharp.Compiler.Service (>= 0.0.87)
    Fuchu (1.0.3)
      FSharp.Core (>= 3.1.2.1)
    Hopac (0.3.23)
      FSharp.Core (>= 3.1.2.5)
    HtmlAgilityPack (1.8)
    Http.fs (5.0)
      FSharp.Core (>= 4.1.18)
      Hopac (>= 0.3.23)
    IntelliFactory.Xml (0.6.64.1)
    Microsoft.Owin (3.1)
      Owin (>= 1.0)
    Microsoft.Owin.Diagnostics (3.1)
      Microsoft.Owin (>= 3.1)
      Owin (>= 1.0)
    Microsoft.Owin.FileSystems (3.1)
    Microsoft.Owin.Host.HttpListener (3.1)
    Microsoft.Owin.Hosting (3.1)
      Microsoft.Owin (>= 3.1)
      Owin (>= 1.0)
    Microsoft.Owin.StaticFiles (3.1)
      Microsoft.Owin (>= 3.1)
      Microsoft.Owin.FileSystems (>= 3.1)
      Owin (>= 1.0)
    Mono.Cecil (0.10)
    Newtonsoft.Json (10.0.3)
    NUnit (2.6.4)
    Owin (1.0)
    Owin.Compression (1.0.18)
      FSharp.Core (>= 4.2.3 < 4.3)
      Microsoft.Owin (>= 3.1 < 4.0)
      Owin (>= 1.0)
    SSH.NET (2016.1)
    System.Collections.Immutable (1.3.1)
    System.IO.Compression (4.3)
    System.Reflection.Metadata (1.4.2)
      System.Collections.Immutable (>= 1.3.1)
    System.ValueTuple (4.4)
    System.Xml.XDocument (4.3)
    Unquote (4.0)
    WebSharper (4.2.9.256)
    WebSharper.Compiler (4.2.9.256)
      Mono.Cecil (>= 0.10)
      WebSharper (4.2.9.256)
    WebSharper.Data (4.2.1.168)
      FSharp.Data (>= 2.4.6 < 2.5)
      WebSharper (>= 4.2.8 < 4.3)
    WebSharper.Formlets (4.2.1.120)
      WebSharper (>= 4.2.4 < 4.3)
      WebSharper.Html (>= 4.2.1 < 4.3)
      WebSharper.Reactive (>= 4.2 < 4.3)
    WebSharper.FSharp (4.2.9.256)
      WebSharper (4.2.9.256)
    WebSharper.Html (4.2.1.130)
      IntelliFactory.Xml (>= 0.6.64 < 0.7)
      WebSharper (>= 4.2.4 < 4.3)
    WebSharper.Owin (4.2.0.119)
      Microsoft.Owin (>= 3.0)
      Owin (>= 1.0 < 1.1)
      WebSharper (>= 4.2.4 < 4.3)
    WebSharper.Owin.WebSocket (4.2.0.124)
      CommonServiceLocator (>= 1.3 < 1.4)
      Microsoft.Owin (>= 3.0)
      Owin (>= 1.0 < 1.1)
      WebSharper (>= 4.2.4 < 4.3)
      WebSharper.Owin (>= 4.2 < 4.3)
    WebSharper.Reactive (4.2.0.117)
      WebSharper (>= 4.2.4 < 4.3)
    WebSharper.UI (4.2.5.115)
      HtmlAgilityPack (>= 1.7.1)
      System.Xml.XDocument (>= 4.3)
      WebSharper (>= 4.2.8 < 4.3)
    XPlot.Plotly (1.4.1)
      Http.fs
      Newtonsoft.Json

GROUP ruleeditor
RESTRICTION: == net461
