RESTRICTION: || (== net461) (== netstandard2.0)
NUGET
  remote: https://www.nuget.org/api/v2
    canopy (2.1)
      FSharp.Core (>= 4.3.4) - restriction: || (&& (== net461) (>= netstandard2.0)) (== netstandard2.0)
      Selenium.WebDriver (>= 3.14) - restriction: || (&& (== net461) (>= netstandard2.0)) (== netstandard2.0)
      System.Drawing.Common (>= 4.5) - restriction: || (&& (== net461) (>= netstandard2.0)) (== netstandard2.0)
    CommonServiceLocator (1.3)
    FSharp.Compiler.Tools (10.2.1)
    FSharp.Core (4.5)
    FSharp.Data (2.4.6)
      Zlib.Portable (>= 1.11) - restriction: || (&& (== net461) (< net40)) (== netstandard2.0)
    FSharp.Data.SqlClient (1.8.6)
    FSharpPlus (1.0)
      FSharp.Core (>= 4.3.4)
    HtmlAgilityPack (1.8.8)
      System.Net.Http (>= 4.3.2) - restriction: || (&& (== net461) (< net40) (>= netstandard2.0)) (&& (== net461) (>= uap10.0)) (== netstandard2.0)
      System.Xml.XmlDocument (>= 4.3) - restriction: || (&& (== net461) (< net40)) (== netstandard2.0)
      System.Xml.XPath (>= 4.3) - restriction: || (&& (== net461) (< net40)) (&& (== net461) (>= uap10.0)) (== netstandard2.0)
      System.Xml.XPath.XmlDocument (>= 4.3) - restriction: || (&& (== net461) (< net40)) (&& (== net461) (>= uap10.0)) (== netstandard2.0)
    Microsoft.NETCore.App (2.1.5)
    Microsoft.NETCore.Platforms (2.1.1)
    Microsoft.NETCore.Targets (2.1) - restriction: || (&& (== net461) (< net40) (>= netstandard2.0)) (&& (== net461) (>= netstandard1.6) (>= uap10.0)) (== netstandard2.0)
    Microsoft.Owin (4.0)
      Owin (>= 1.0)
    Microsoft.Owin.FileSystems (4.0)
    Microsoft.Owin.Host.HttpListener (4.0)
    Microsoft.Owin.Hosting (4.0)
      Microsoft.Owin (>= 4.0)
      Owin (>= 1.0)
    Microsoft.Owin.StaticFiles (4.0)
      Microsoft.Owin (>= 4.0)
      Microsoft.Owin.FileSystems (>= 4.0)
      Owin (>= 1.0)
    NETStandard.Library (2.0.3)
      Microsoft.NETCore.Platforms (>= 1.1)
    Newtonsoft.Json (11.0.2)
    Owin (1.0)
    runtime.debian.8-x64.runtime.native.System.Security.Cryptography.OpenSsl (4.3.3) - restriction: || (&& (== net461) (< net40) (>= netstandard2.0)) (&& (== net461) (>= netstandard1.6) (>= uap10.0)) (== netstandard2.0)
    runtime.debian.9-x64.runtime.native.System.Security.Cryptography.OpenSsl (4.3.3) - restriction: || (&& (== net461) (< net40) (>= netstandard2.0)) (&& (== net461) (>= netstandard1.6) (>= uap10.0)) (== netstandard2.0)
    runtime.fedora.23-x64.runtime.native.System.Security.Cryptography.OpenSsl (4.3.3) - restriction: || (&& (== net461) (< net40) (>= netstandard2.0)) (&& (== net461) (>= netstandard1.6) (>= uap10.0)) (== netstandard2.0)
    runtime.fedora.24-x64.runtime.native.System.Security.Cryptography.OpenSsl (4.3.3) - restriction: || (&& (== net461) (< net40) (>= netstandard2.0)) (&& (== net461) (>= netstandard1.6) (>= uap10.0)) (== netstandard2.0)
    runtime.fedora.27-x64.runtime.native.System.Security.Cryptography.OpenSsl (4.3.3) - restriction: || (&& (== net461) (< net40) (>= netstandard2.0)) (&& (== net461) (>= netstandard1.6) (>= uap10.0)) (== netstandard2.0)
    runtime.fedora.28-x64.runtime.native.System.Security.Cryptography.OpenSsl (4.3.3) - restriction: || (&& (== net461) (< net40) (>= netstandard2.0)) (&& (== net461) (>= netstandard1.6) (>= uap10.0)) (== netstandard2.0)
    runtime.native.System (4.3.1) - restriction: || (&& (== net461) (< net40) (>= netstandard2.0)) (&& (== net461) (>= netstandard1.6) (>= uap10.0)) (== netstandard2.0)
      Microsoft.NETCore.Platforms (>= 1.1.1)
      Microsoft.NETCore.Targets (>= 1.1.3)
    runtime.native.System.Net.Http (4.3.1) - restriction: || (&& (== net461) (< net40) (>= netstandard2.0)) (&& (== net461) (>= netstandard1.6) (>= uap10.0)) (== netstandard2.0)
      Microsoft.NETCore.Platforms (>= 1.1.1)
      Microsoft.NETCore.Targets (>= 1.1.3)
    runtime.native.System.Security.Cryptography.Apple (4.3.1) - restriction: || (&& (== net461) (< net40) (>= netstandard2.0)) (&& (== net461) (>= netstandard1.6) (>= uap10.0)) (== netstandard2.0)
      runtime.osx.10.10-x64.runtime.native.System.Security.Cryptography.Apple (>= 4.3.1)
    runtime.native.System.Security.Cryptography.OpenSsl (4.3.3) - restriction: || (&& (== net461) (< net40) (>= netstandard2.0)) (&& (== net461) (>= netstandard1.6) (>= uap10.0)) (== netstandard2.0)
      runtime.debian.8-x64.runtime.native.System.Security.Cryptography.OpenSsl (>= 4.3.3)
      runtime.debian.9-x64.runtime.native.System.Security.Cryptography.OpenSsl (>= 4.3.3)
      runtime.fedora.23-x64.runtime.native.System.Security.Cryptography.OpenSsl (>= 4.3.3)
      runtime.fedora.24-x64.runtime.native.System.Security.Cryptography.OpenSsl (>= 4.3.3)
      runtime.fedora.27-x64.runtime.native.System.Security.Cryptography.OpenSsl (>= 4.3.3)
      runtime.fedora.28-x64.runtime.native.System.Security.Cryptography.OpenSsl (>= 4.3.3)
      runtime.opensuse.13.2-x64.runtime.native.System.Security.Cryptography.OpenSsl (>= 4.3.3)
      runtime.opensuse.42.1-x64.runtime.native.System.Security.Cryptography.OpenSsl (>= 4.3.3)
      runtime.opensuse.42.3-x64.runtime.native.System.Security.Cryptography.OpenSsl (>= 4.3.3)
      runtime.osx.10.10-x64.runtime.native.System.Security.Cryptography.OpenSsl (>= 4.3.3)
      runtime.rhel.7-x64.runtime.native.System.Security.Cryptography.OpenSsl (>= 4.3.3)
      runtime.ubuntu.14.04-x64.runtime.native.System.Security.Cryptography.OpenSsl (>= 4.3.3)
      runtime.ubuntu.16.04-x64.runtime.native.System.Security.Cryptography.OpenSsl (>= 4.3.3)
      runtime.ubuntu.16.10-x64.runtime.native.System.Security.Cryptography.OpenSsl (>= 4.3.3)
      runtime.ubuntu.18.04-x64.runtime.native.System.Security.Cryptography.OpenSsl (>= 4.3.3)
    runtime.opensuse.13.2-x64.runtime.native.System.Security.Cryptography.OpenSsl (4.3.3) - restriction: || (&& (== net461) (< net40) (>= netstandard2.0)) (&& (== net461) (>= netstandard1.6) (>= uap10.0)) (== netstandard2.0)
    runtime.opensuse.42.1-x64.runtime.native.System.Security.Cryptography.OpenSsl (4.3.3) - restriction: || (&& (== net461) (< net40) (>= netstandard2.0)) (&& (== net461) (>= netstandard1.6) (>= uap10.0)) (== netstandard2.0)
    runtime.opensuse.42.3-x64.runtime.native.System.Security.Cryptography.OpenSsl (4.3.3) - restriction: || (&& (== net461) (< net40) (>= netstandard2.0)) (&& (== net461) (>= netstandard1.6) (>= uap10.0)) (== netstandard2.0)
    runtime.osx.10.10-x64.runtime.native.System.Security.Cryptography.Apple (4.3.1) - restriction: || (&& (== net461) (< net40) (>= netstandard2.0)) (&& (== net461) (>= netstandard1.6) (>= uap10.0)) (== netstandard2.0)
    runtime.osx.10.10-x64.runtime.native.System.Security.Cryptography.OpenSsl (4.3.3) - restriction: || (&& (== net461) (< net40) (>= netstandard2.0)) (&& (== net461) (>= netstandard1.6) (>= uap10.0)) (== netstandard2.0)
    runtime.rhel.7-x64.runtime.native.System.Security.Cryptography.OpenSsl (4.3.3) - restriction: || (&& (== net461) (< net40) (>= netstandard2.0)) (&& (== net461) (>= netstandard1.6) (>= uap10.0)) (== netstandard2.0)
    runtime.ubuntu.14.04-x64.runtime.native.System.Security.Cryptography.OpenSsl (4.3.3) - restriction: || (&& (== net461) (< net40) (>= netstandard2.0)) (&& (== net461) (>= netstandard1.6) (>= uap10.0)) (== netstandard2.0)
    runtime.ubuntu.16.04-x64.runtime.native.System.Security.Cryptography.OpenSsl (4.3.3) - restriction: || (&& (== net461) (< net40) (>= netstandard2.0)) (&& (== net461) (>= netstandard1.6) (>= uap10.0)) (== netstandard2.0)
    runtime.ubuntu.16.10-x64.runtime.native.System.Security.Cryptography.OpenSsl (4.3.3) - restriction: || (&& (== net461) (< net40) (>= netstandard2.0)) (&& (== net461) (>= netstandard1.6) (>= uap10.0)) (== netstandard2.0)
    runtime.ubuntu.18.04-x64.runtime.native.System.Security.Cryptography.OpenSsl (4.3.3) - restriction: || (&& (== net461) (< net40) (>= netstandard2.0)) (&& (== net461) (>= netstandard1.6) (>= uap10.0)) (== netstandard2.0)
    Selenium.WebDriver (3.14) - restriction: || (&& (== net461) (>= netstandard2.0)) (== netstandard2.0)
      Newtonsoft.Json (>= 10.0.3) - restriction: || (&& (== net461) (< net35) (>= netstandard2.0)) (== netstandard2.0)
    System.Collections (4.3) - restriction: || (&& (== net461) (< net45)) (&& (== net461) (< portable-net45+win8+wp8+wpa81)) (== netstandard2.0)
      Microsoft.NETCore.Platforms (>= 1.1) - restriction: || (&& (== net461) (< net45)) (&& (== net461) (< portable-net45+win8+wp8+wpa81)) (== netstandard2.0)
      Microsoft.NETCore.Targets (>= 1.1) - restriction: || (&& (== net461) (< net45)) (&& (== net461) (< portable-net45+win8+wp8+wpa81)) (== netstandard2.0)
      System.Runtime (>= 4.3) - restriction: || (&& (== net461) (< net45)) (&& (== net461) (< portable-net45+win8+wp8+wpa81)) (== netstandard2.0)
    System.Collections.Concurrent (4.3) - restriction: || (&& (== net461) (< net40) (>= netstandard2.0)) (&& (== net461) (>= uap10.0)) (== netstandard2.0)
      System.Collections (>= 4.3) - restriction: || (&& (== net461) (< net45)) (&& (== net461) (< portable-net45+win8+wpa81)) (== netstandard2.0)
      System.Diagnostics.Debug (>= 4.3) - restriction: || (&& (== net461) (< net45)) (&& (== net461) (< portable-net45+win8+wpa81)) (== netstandard2.0)
      System.Diagnostics.Tracing (>= 4.3) - restriction: || (&& (== net461) (< net45)) (&& (== net461) (< portable-net45+win8+wpa81)) (== netstandard2.0)
      System.Globalization (>= 4.3) - restriction: || (&& (== net461) (< net45)) (&& (== net461) (< portable-net45+win8+wpa81)) (== netstandard2.0)
      System.Reflection (>= 4.3) - restriction: || (&& (== net461) (< net45)) (== netstandard2.0)
      System.Resources.ResourceManager (>= 4.3) - restriction: || (&& (== net461) (< net45)) (&& (== net461) (< portable-net45+win8+wpa81)) (== netstandard2.0)
      System.Runtime (>= 4.3) - restriction: || (&& (== net461) (< net45)) (&& (== net461) (< portable-net45+win8+wpa81)) (== netstandard2.0)
      System.Runtime.Extensions (>= 4.3) - restriction: || (&& (== net461) (< net45)) (&& (== net461) (< portable-net45+win8+wpa81)) (== netstandard2.0)
      System.Threading (>= 4.3) - restriction: || (&& (== net461) (< net45)) (&& (== net461) (< portable-net45+win8+wpa81)) (== netstandard2.0)
      System.Threading.Tasks (>= 4.3) - restriction: || (&& (== net461) (< net45)) (&& (== net461) (< portable-net45+win8+wpa81)) (== netstandard2.0)
    System.Diagnostics.Debug (4.3) - restriction: || (&& (== net461) (< net45)) (&& (== net461) (< portable-net45+win8+wp8+wpa81)) (== netstandard2.0)
      Microsoft.NETCore.Platforms (>= 1.1) - restriction: || (&& (== net461) (< net45)) (&& (== net461) (< portable-net45+win8+wp8+wpa81)) (== netstandard2.0)
      Microsoft.NETCore.Targets (>= 1.1) - restriction: || (&& (== net461) (< net45)) (&& (== net461) (< portable-net45+win8+wp8+wpa81)) (== netstandard2.0)
      System.Runtime (>= 4.3) - restriction: || (&& (== net461) (< net45)) (&& (== net461) (< portable-net45+win8+wp8+wpa81)) (== netstandard2.0)
    System.Diagnostics.DiagnosticSource (4.5) - restriction: || (&& (== net461) (< net40) (>= netstandard2.0)) (&& (== net461) (>= uap10.0)) (== netstandard2.0)
    System.Diagnostics.Tools (4.3) - restriction: || (&& (== net461) (< net45)) (&& (== net461) (< portable-net45+win8+wp8+wpa81)) (== netstandard2.0)
      Microsoft.NETCore.Platforms (>= 1.1) - restriction: || (&& (== net461) (< net45)) (&& (== net461) (< portable-net45+win8+wp8+wpa81)) (== netstandard2.0)
      Microsoft.NETCore.Targets (>= 1.1) - restriction: || (&& (== net461) (< net45)) (&& (== net461) (< portable-net45+win8+wp8+wpa81)) (== netstandard2.0)
      System.Runtime (>= 4.3) - restriction: || (&& (== net461) (< net45)) (&& (== net461) (< portable-net45+win8+wp8+wpa81)) (== netstandard2.0)
    System.Diagnostics.Tracing (4.3) - restriction: || (&& (== net461) (< net40) (>= netstandard2.0)) (&& (== net461) (>= uap10.0)) (== netstandard2.0)
      Microsoft.NETCore.Platforms (>= 1.1) - restriction: || (&& (== net461) (< net45)) (&& (== net461) (< portable-net45+win8+wpa81)) (== netstandard2.0)
      Microsoft.NETCore.Targets (>= 1.1) - restriction: || (&& (== net461) (< net45)) (&& (== net461) (< portable-net45+win8+wpa81)) (== netstandard2.0)
      System.Runtime (>= 4.3) - restriction: || (&& (== net461) (< net45)) (&& (== net461) (< portable-net45+win8+wpa81)) (== netstandard2.0)
    System.Drawing.Common (4.5.1) - restriction: || (&& (== net461) (>= netstandard2.0)) (== netstandard2.0)
    System.Globalization (4.3) - restriction: || (&& (== net461) (< net45)) (&& (== net461) (< portable-net45+win8+wp8+wpa81)) (== netstandard2.0)
      Microsoft.NETCore.Platforms (>= 1.1) - restriction: || (&& (== net461) (< net45)) (&& (== net461) (< portable-net45+win8+wp8+wpa81)) (== netstandard2.0)
      Microsoft.NETCore.Targets (>= 1.1) - restriction: || (&& (== net461) (< net45)) (&& (== net461) (< portable-net45+win8+wp8+wpa81)) (== netstandard2.0)
      System.Runtime (>= 4.3) - restriction: || (&& (== net461) (< net45)) (&& (== net461) (< portable-net45+win8+wp8+wpa81)) (== netstandard2.0)
    System.Globalization.Calendars (4.3) - restriction: || (&& (== net461) (< net40) (>= netstandard2.0)) (&& (== net461) (< netstandard1.3) (>= uap10.0)) (&& (== net461) (>= netstandard1.6) (>= uap10.0)) (== netstandard2.0)
      Microsoft.NETCore.Platforms (>= 1.1) - restriction: || (&& (== net461) (< net46)) (== netstandard2.0)
      Microsoft.NETCore.Targets (>= 1.1) - restriction: || (&& (== net461) (< net46)) (== netstandard2.0)
      System.Globalization (>= 4.3) - restriction: || (&& (== net461) (< net46)) (== netstandard2.0)
      System.Runtime (>= 4.3) - restriction: || (&& (== net461) (< net46)) (== netstandard2.0)
    System.Globalization.Extensions (4.3) - restriction: || (&& (== net461) (< net40) (>= netstandard2.0)) (&& (== net461) (>= netstandard1.6) (>= uap10.0)) (== netstandard2.0)
      Microsoft.NETCore.Platforms (>= 1.1) - restriction: || (&& (== net461) (< net46)) (== netstandard2.0)
      System.Globalization (>= 4.3) - restriction: || (&& (== net461) (< net46)) (== netstandard2.0)
      System.Resources.ResourceManager (>= 4.3) - restriction: || (&& (== net461) (< net46)) (== netstandard2.0)
      System.Runtime (>= 4.3) - restriction: || (&& (== net461) (< net46)) (== netstandard2.0)
      System.Runtime.Extensions (>= 4.3) - restriction: || (&& (== net461) (< net46)) (== netstandard2.0)
      System.Runtime.InteropServices (>= 4.3) - restriction: || (&& (== net461) (< net46)) (== netstandard2.0)
    System.IO (4.3) - restriction: || (&& (== net461) (< net45)) (&& (== net461) (< portable-net45+win8+wp8+wpa81)) (== netstandard2.0)
      Microsoft.NETCore.Platforms (>= 1.1) - restriction: || (&& (== net461) (< net45)) (&& (== net461) (< portable-net45+win8+wp8+wpa81)) (== netstandard2.0)
      Microsoft.NETCore.Targets (>= 1.1) - restriction: || (&& (== net461) (< net45)) (&& (== net461) (< portable-net45+win8+wp8+wpa81)) (== netstandard2.0)
      System.Runtime (>= 4.3) - restriction: || (&& (== net461) (< net45)) (&& (== net461) (< portable-net45+win8+wp8+wpa81)) (== netstandard2.0)
      System.Text.Encoding (>= 4.3) - restriction: || (&& (== net461) (< net45)) (&& (== net461) (< portable-net45+win8+wp8+wpa81)) (== netstandard2.0)
      System.Threading.Tasks (>= 4.3) - restriction: || (&& (== net461) (< net45)) (&& (== net461) (< portable-net45+win8+wp8+wpa81)) (== netstandard2.0)
    System.IO.FileSystem (4.3) - restriction: || (&& (== net461) (< net40) (>= netstandard2.0)) (&& (== net461) (>= netstandard1.6) (>= uap10.0)) (== netstandard2.0)
      Microsoft.NETCore.Platforms (>= 1.1) - restriction: || (&& (== net461) (< net46)) (== netstandard2.0)
      Microsoft.NETCore.Targets (>= 1.1) - restriction: || (&& (== net461) (< net46)) (== netstandard2.0)
      System.IO (>= 4.3) - restriction: || (&& (== net461) (< net46)) (== netstandard2.0)
      System.IO.FileSystem.Primitives (>= 4.3)
      System.Runtime (>= 4.3) - restriction: || (&& (== net461) (< net46)) (== netstandard2.0)
      System.Runtime.Handles (>= 4.3) - restriction: || (&& (== net461) (< net46)) (== netstandard2.0)
      System.Text.Encoding (>= 4.3) - restriction: || (&& (== net461) (< net46)) (== netstandard2.0)
      System.Threading.Tasks (>= 4.3) - restriction: || (&& (== net461) (< net46)) (== netstandard2.0)
    System.IO.FileSystem.Primitives (4.3) - restriction: || (&& (== net461) (< net45)) (&& (== net461) (< portable-net45+win8+wp8+wpa81)) (== netstandard2.0)
      System.Runtime (>= 4.3) - restriction: || (&& (== net461) (< net46)) (== netstandard2.0)
    System.Linq (4.3) - restriction: || (&& (== net461) (< net40) (>= netstandard2.0)) (&& (== net461) (>= uap10.0)) (== netstandard2.0)
      System.Collections (>= 4.3) - restriction: || (&& (== net461) (< net45)) (&& (== net461) (< portable-net45+win8+wp8+wpa81)) (== netstandard2.0)
      System.Diagnostics.Debug (>= 4.3) - restriction: || (&& (== net461) (< net45) (>= netstandard1.6)) (&& (== net461) (< portable-net45+win8+wp8+wpa81)) (== netstandard2.0)
      System.Resources.ResourceManager (>= 4.3) - restriction: || (&& (== net461) (< net45) (>= netstandard1.6)) (&& (== net461) (< portable-net45+win8+wp8+wpa81)) (== netstandard2.0)
      System.Runtime (>= 4.3) - restriction: || (&& (== net461) (< net45)) (&& (== net461) (< portable-net45+win8+wp8+wpa81)) (== netstandard2.0)
      System.Runtime.Extensions (>= 4.3) - restriction: || (&& (== net461) (< net45) (>= netstandard1.6)) (&& (== net461) (< portable-net45+win8+wp8+wpa81)) (== netstandard2.0)
    System.Net.Http (4.3.3) - restriction: || (&& (== net461) (< net40) (>= netstandard2.0)) (&& (== net461) (>= uap10.0)) (== netstandard2.0)
      Microsoft.NETCore.Platforms (>= 1.1) - restriction: || (&& (== net461) (< net45)) (&& (== net461) (< portable-net45+win8+wpa81)) (== netstandard2.0)
      runtime.native.System (>= 4.3) - restriction: || (&& (== net461) (< net45) (>= netstandard1.6)) (== netstandard2.0)
      runtime.native.System.Net.Http (>= 4.3) - restriction: || (&& (== net461) (< net45) (>= netstandard1.6)) (== netstandard2.0)
      runtime.native.System.Security.Cryptography.OpenSsl (>= 4.3.2) - restriction: || (&& (== net461) (< net45) (>= netstandard1.6)) (== netstandard2.0)
      System.Collections (>= 4.3) - restriction: || (&& (== net461) (< net45)) (&& (== net461) (< portable-net45+win8+wpa81)) (== netstandard2.0)
      System.Diagnostics.Debug (>= 4.3) - restriction: || (&& (== net461) (< net45)) (&& (== net461) (< portable-net45+win8+wpa81)) (== netstandard2.0)
      System.Diagnostics.DiagnosticSource (>= 4.3) - restriction: || (&& (== net461) (< net45)) (&& (== net461) (< portable-net45+win8+wpa81)) (== netstandard2.0)
      System.Diagnostics.Tracing (>= 4.3) - restriction: || (&& (== net461) (< net45)) (&& (== net461) (< portable-net45+win8+wpa81)) (== netstandard2.0)
      System.Globalization (>= 4.3) - restriction: || (&& (== net461) (< net45)) (&& (== net461) (< portable-net45+win8+wpa81)) (== netstandard2.0)
      System.Globalization.Extensions (>= 4.3) - restriction: || (&& (== net461) (< net45) (>= netstandard1.6)) (== netstandard2.0)
      System.IO (>= 4.3) - restriction: || (&& (== net461) (< net45)) (&& (== net461) (< portable-net45+win8+wpa81)) (== netstandard2.0)
      System.IO.FileSystem (>= 4.3) - restriction: || (&& (== net461) (< net45) (>= netstandard1.6)) (== netstandard2.0)
      System.Net.Primitives (>= 4.3) - restriction: || (&& (== net461) (< net45)) (&& (== net461) (< portable-net45+win8+wpa81)) (== netstandard2.0)
      System.Resources.ResourceManager (>= 4.3) - restriction: || (&& (== net461) (< net45)) (&& (== net461) (< portable-net45+win8+wpa81)) (== netstandard2.0)
      System.Runtime (>= 4.3) - restriction: || (&& (== net461) (< net45)) (&& (== net461) (< portable-net45+win8+wpa81)) (== netstandard2.0)
      System.Runtime.Extensions (>= 4.3) - restriction: || (&& (== net461) (< net45)) (&& (== net461) (< portable-net45+win8+wpa81)) (== netstandard2.0)
      System.Runtime.Handles (>= 4.3) - restriction: || (&& (== net461) (< net45)) (== netstandard2.0)
      System.Runtime.InteropServices (>= 4.3) - restriction: || (&& (== net461) (< net45)) (&& (== net461) (< portable-net45+win8+wpa81)) (== netstandard2.0)
      System.Security.Cryptography.Algorithms (>= 4.3) - restriction: || (&& (== net461) (< net45) (>= netstandard1.6)) (== netstandard2.0)
      System.Security.Cryptography.Encoding (>= 4.3) - restriction: || (&& (== net461) (< net45)) (== netstandard2.0)
      System.Security.Cryptography.OpenSsl (>= 4.3) - restriction: || (&& (== net461) (< net45) (>= netstandard1.6)) (== netstandard2.0)
      System.Security.Cryptography.Primitives (>= 4.3) - restriction: || (&& (== net461) (< net45) (>= netstandard1.6)) (== netstandard2.0)
      System.Security.Cryptography.X509Certificates (>= 4.3)
      System.Text.Encoding (>= 4.3) - restriction: || (&& (== net461) (< net45)) (&& (== net461) (< portable-net45+win8+wpa81)) (== netstandard2.0)
      System.Threading (>= 4.3) - restriction: || (&& (== net461) (< net45)) (&& (== net461) (< portable-net45+win8+wpa81)) (== netstandard2.0)
      System.Threading.Tasks (>= 4.3) - restriction: || (&& (== net461) (< net45)) (&& (== net461) (< portable-net45+win8+wpa81)) (== netstandard2.0)
    System.Net.Primitives (4.3) - restriction: || (&& (== net461) (< net40) (>= netstandard2.0)) (&& (== net461) (>= uap10.0)) (== netstandard2.0)
      Microsoft.NETCore.Platforms (>= 1.1) - restriction: || (&& (== net461) (< net45)) (&& (== net461) (< netstandard1.1)) (&& (== net461) (< portable-net45+win8+wp8+wpa81)) (== netstandard2.0)
      Microsoft.NETCore.Targets (>= 1.1) - restriction: || (&& (== net461) (< net45)) (&& (== net461) (< netstandard1.1)) (&& (== net461) (< portable-net45+win8+wp8+wpa81)) (== netstandard2.0)
      System.Runtime (>= 4.3) - restriction: || (&& (== net461) (< net45)) (&& (== net461) (< netstandard1.1)) (&& (== net461) (< portable-net45+win8+wp8+wpa81)) (== netstandard2.0)
      System.Runtime.Handles (>= 4.3) - restriction: || (&& (== net461) (< net45)) (&& (== net461) (< portable-net45+win8+wp8+wpa81)) (== netstandard2.0)
    System.Reflection (4.3) - restriction: || (&& (== net461) (< net45)) (&& (== net461) (< portable-net45+win8+wp8+wpa81)) (== netstandard2.0)
      Microsoft.NETCore.Platforms (>= 1.1) - restriction: || (&& (== net461) (< net45)) (&& (== net461) (< portable-net45+win8+wp8+wpa81)) (== netstandard2.0)
      Microsoft.NETCore.Targets (>= 1.1) - restriction: || (&& (== net461) (< net45)) (&& (== net461) (< portable-net45+win8+wp8+wpa81)) (== netstandard2.0)
      System.IO (>= 4.3) - restriction: || (&& (== net461) (< net45)) (&& (== net461) (< portable-net45+win8+wp8+wpa81)) (== netstandard2.0)
      System.Reflection.Primitives (>= 4.3) - restriction: || (&& (== net461) (< net45)) (&& (== net461) (< portable-net45+win8+wp8+wpa81)) (== netstandard2.0)
      System.Runtime (>= 4.3) - restriction: || (&& (== net461) (< net45)) (&& (== net461) (< portable-net45+win8+wp8+wpa81)) (== netstandard2.0)
    System.Reflection.Primitives (4.3) - restriction: || (&& (== net461) (< net45)) (&& (== net461) (< portable-net45+win8+wp8+wpa81)) (== netstandard2.0)
      Microsoft.NETCore.Platforms (>= 1.1) - restriction: || (&& (== net461) (< net45)) (&& (== net461) (< portable-net45+win8+wp8+wpa81)) (== netstandard2.0)
      Microsoft.NETCore.Targets (>= 1.1) - restriction: || (&& (== net461) (< net45)) (&& (== net461) (< portable-net45+win8+wp8+wpa81)) (== netstandard2.0)
      System.Runtime (>= 4.3) - restriction: || (&& (== net461) (< net45)) (&& (== net461) (< portable-net45+win8+wp8+wpa81)) (== netstandard2.0)
    System.Resources.ResourceManager (4.3) - restriction: || (&& (== net461) (< net45)) (&& (== net461) (< portable-net45+win8+wp8+wpa81)) (== netstandard2.0)
      Microsoft.NETCore.Platforms (>= 1.1) - restriction: || (&& (== net461) (< net45)) (&& (== net461) (< portable-net45+win8+wp8+wpa81)) (== netstandard2.0)
      Microsoft.NETCore.Targets (>= 1.1) - restriction: || (&& (== net461) (< net45)) (&& (== net461) (< portable-net45+win8+wp8+wpa81)) (== netstandard2.0)
      System.Globalization (>= 4.3) - restriction: || (&& (== net461) (< net45)) (&& (== net461) (< portable-net45+win8+wp8+wpa81)) (== netstandard2.0)
      System.Reflection (>= 4.3) - restriction: || (&& (== net461) (< net45)) (&& (== net461) (< portable-net45+win8+wp8+wpa81)) (== netstandard2.0)
      System.Runtime (>= 4.3) - restriction: || (&& (== net461) (< net45)) (&& (== net461) (< portable-net45+win8+wp8+wpa81)) (== netstandard2.0)
    System.Runtime (4.3) - restriction: || (&& (== net461) (< net45)) (&& (== net461) (< portable-net45+win8+wp8+wpa81)) (== netstandard2.0)
      Microsoft.NETCore.Platforms (>= 1.1) - restriction: || (&& (== net461) (< net45)) (&& (== net461) (< portable-net45+win8+wp8+wpa81)) (== netstandard2.0)
      Microsoft.NETCore.Targets (>= 1.1) - restriction: || (&& (== net461) (< net45)) (&& (== net461) (< portable-net45+win8+wp8+wpa81)) (== netstandard2.0)
    System.Runtime.CompilerServices.Unsafe (4.5.1) - restriction: || (&& (== net461) (< net45)) (&& (== net461) (< netstandard1.0)) (&& (== net461) (< portable-net45+win8+wp8+wpa81)) (&& (== net461) (>= wp8)) (&& (== net461) (>= wpa81)) (== netstandard2.0)
    System.Runtime.Extensions (4.3) - restriction: || (&& (== net461) (< net45)) (&& (== net461) (< portable-net45+win8+wp8+wpa81)) (== netstandard2.0)
      Microsoft.NETCore.Platforms (>= 1.1) - restriction: || (&& (== net461) (< net45)) (&& (== net461) (< portable-net45+win8+wp8+wpa81)) (== netstandard2.0)
      Microsoft.NETCore.Targets (>= 1.1) - restriction: || (&& (== net461) (< net45)) (&& (== net461) (< portable-net45+win8+wp8+wpa81)) (== netstandard2.0)
      System.Runtime (>= 4.3) - restriction: || (&& (== net461) (< net45)) (&& (== net461) (< portable-net45+win8+wp8+wpa81)) (== netstandard2.0)
    System.Runtime.Handles (4.3) - restriction: || (&& (== net461) (< net40) (>= netstandard2.0)) (&& (== net461) (>= uap10.0)) (== netstandard2.0)
      Microsoft.NETCore.Platforms (>= 1.1) - restriction: || (&& (== net461) (< net46)) (== netstandard2.0)
      Microsoft.NETCore.Targets (>= 1.1) - restriction: || (&& (== net461) (< net46)) (== netstandard2.0)
      System.Runtime (>= 4.3) - restriction: || (&& (== net461) (< net46)) (== netstandard2.0)
    System.Runtime.InteropServices (4.3) - restriction: || (&& (== net461) (< net40) (>= netstandard2.0)) (&& (== net461) (>= uap10.0)) (== netstandard2.0)
      Microsoft.NETCore.Platforms (>= 1.1) - restriction: || (&& (== net461) (< net45)) (&& (== net461) (>= netcoreapp1.1)) (&& (== net461) (< portable-net45+win8+wpa81)) (== netstandard2.0)
      Microsoft.NETCore.Targets (>= 1.1) - restriction: || (&& (== net461) (< net45)) (&& (== net461) (>= netcoreapp1.1)) (&& (== net461) (< portable-net45+win8+wpa81)) (== netstandard2.0)
      System.Reflection (>= 4.3) - restriction: || (&& (== net461) (< net45)) (&& (== net461) (>= netcoreapp1.1)) (&& (== net461) (< portable-net45+win8+wpa81)) (== netstandard2.0)
      System.Reflection.Primitives (>= 4.3) - restriction: || (&& (== net461) (< net45)) (&& (== net461) (>= netcoreapp1.1)) (&& (== net461) (< portable-net45+win8+wpa81)) (== netstandard2.0)
      System.Runtime (>= 4.3) - restriction: || (&& (== net461) (< net45)) (&& (== net461) (>= net462)) (&& (== net461) (>= netcoreapp1.1)) (&& (== net461) (< portable-net45+win8+wpa81)) (== netstandard2.0)
      System.Runtime.Handles (>= 4.3) - restriction: || (&& (== net461) (< net45)) (&& (== net461) (>= netcoreapp1.1)) (&& (== net461) (< portable-net45+win8+wpa81)) (== netstandard2.0)
    System.Runtime.Numerics (4.3) - restriction: || (&& (== net461) (< net40) (>= netstandard2.0)) (&& (== net461) (>= netstandard1.6) (>= uap10.0)) (== netstandard2.0)
      System.Globalization (>= 4.3) - restriction: || (&& (== net461) (< net45)) (&& (== net461) (< portable-net45+win8+wpa81)) (== netstandard2.0)
      System.Resources.ResourceManager (>= 4.3) - restriction: || (&& (== net461) (< net45)) (&& (== net461) (< portable-net45+win8+wpa81)) (== netstandard2.0)
      System.Runtime (>= 4.3) - restriction: || (&& (== net461) (< net45)) (&& (== net461) (< portable-net45+win8+wpa81)) (== netstandard2.0)
      System.Runtime.Extensions (>= 4.3) - restriction: || (&& (== net461) (< net45)) (&& (== net461) (< portable-net45+win8+wpa81)) (== netstandard2.0)
    System.Security.Cryptography.Algorithms (4.3.1) - restriction: || (&& (== net461) (< net40) (>= netstandard2.0)) (&& (== net461) (>= netstandard1.6) (>= uap10.0)) (== netstandard2.0)
      Microsoft.NETCore.Platforms (>= 1.1) - restriction: || (&& (== net461) (< net46) (>= netstandard1.6)) (&& (== net461) (< netstandard1.3)) (== netstandard2.0)
      runtime.native.System.Security.Cryptography.Apple (>= 4.3.1) - restriction: || (&& (== net461) (< net46) (>= netstandard1.6)) (== netstandard2.0)
      runtime.native.System.Security.Cryptography.OpenSsl (>= 4.3.2) - restriction: || (&& (== net461) (< net46) (>= netstandard1.6)) (== netstandard2.0)
      System.Collections (>= 4.3) - restriction: || (&& (== net461) (< net46) (>= netstandard1.6)) (== netstandard2.0)
      System.IO (>= 4.3) - restriction: || (&& (== net461) (< net46)) (&& (== net461) (>= net463)) (&& (== net461) (< netstandard1.3)) (== netstandard2.0)
      System.Resources.ResourceManager (>= 4.3) - restriction: || (&& (== net461) (< net46) (>= netstandard1.6)) (&& (== net461) (< netstandard1.3)) (== netstandard2.0)
      System.Runtime (>= 4.3) - restriction: || (&& (== net461) (< net46)) (&& (== net461) (>= net463)) (&& (== net461) (< netstandard1.3)) (== netstandard2.0)
      System.Runtime.Extensions (>= 4.3) - restriction: || (&& (== net461) (< net46) (>= netstandard1.6)) (&& (== net461) (< netstandard1.3)) (== netstandard2.0)
      System.Runtime.Handles (>= 4.3) - restriction: || (&& (== net461) (< net46) (>= netstandard1.6)) (&& (== net461) (< netstandard1.3)) (== netstandard2.0)
      System.Runtime.InteropServices (>= 4.3) - restriction: || (&& (== net461) (< net46) (>= netstandard1.6)) (&& (== net461) (< netstandard1.3)) (== netstandard2.0)
      System.Runtime.Numerics (>= 4.3) - restriction: || (&& (== net461) (< net46) (>= netstandard1.6)) (== netstandard2.0)
      System.Security.Cryptography.Encoding (>= 4.3) - restriction: || (&& (== net461) (< net46) (>= netstandard1.6)) (&& (== net461) (>= net463)) (&& (== net461) (< netstandard1.3)) (== netstandard2.0)
      System.Security.Cryptography.Primitives (>= 4.3)
      System.Text.Encoding (>= 4.3) - restriction: || (&& (== net461) (< net46) (>= netstandard1.6)) (&& (== net461) (< netstandard1.3)) (== netstandard2.0)
    System.Security.Cryptography.Cng (4.5) - restriction: || (&& (== net461) (< net40) (>= netstandard2.0)) (&& (== net461) (< netstandard1.3) (>= uap10.0)) (&& (== net461) (>= netstandard1.6) (>= uap10.0)) (== netstandard2.0)
    System.Security.Cryptography.Csp (4.3) - restriction: || (&& (== net461) (< net40) (>= netstandard2.0)) (&& (== net461) (>= netstandard1.6) (>= uap10.0)) (== netstandard2.0)
      Microsoft.NETCore.Platforms (>= 1.1) - restriction: || (&& (== net461) (< net46)) (== netstandard2.0)
      System.IO (>= 4.3) - restriction: || (&& (== net461) (< net46)) (== netstandard2.0)
      System.Reflection (>= 4.3) - restriction: || (&& (== net461) (< net46)) (== netstandard2.0)
      System.Resources.ResourceManager (>= 4.3) - restriction: || (&& (== net461) (< net46)) (== netstandard2.0)
      System.Runtime (>= 4.3) - restriction: || (&& (== net461) (< net46)) (== netstandard2.0)
      System.Runtime.Extensions (>= 4.3) - restriction: || (&& (== net461) (< net46)) (== netstandard2.0)
      System.Runtime.Handles (>= 4.3) - restriction: || (&& (== net461) (< net46)) (== netstandard2.0)
      System.Runtime.InteropServices (>= 4.3) - restriction: || (&& (== net461) (< net46)) (== netstandard2.0)
      System.Security.Cryptography.Algorithms (>= 4.3)
      System.Security.Cryptography.Encoding (>= 4.3) - restriction: || (&& (== net461) (< net46)) (== netstandard2.0)
      System.Security.Cryptography.Primitives (>= 4.3)
      System.Text.Encoding (>= 4.3) - restriction: || (&& (== net461) (< net46)) (== netstandard2.0)
      System.Threading (>= 4.3) - restriction: || (&& (== net461) (< net46)) (== netstandard2.0)
    System.Security.Cryptography.Encoding (4.3) - restriction: || (&& (== net461) (< net40) (>= netstandard2.0)) (&& (== net461) (>= uap10.0)) (== netstandard2.0)
      Microsoft.NETCore.Platforms (>= 1.1) - restriction: || (&& (== net461) (< net46)) (== netstandard2.0)
      runtime.native.System.Security.Cryptography.OpenSsl (>= 4.3) - restriction: || (&& (== net461) (< net46)) (== netstandard2.0)
      System.Collections (>= 4.3) - restriction: || (&& (== net461) (< net46)) (== netstandard2.0)
      System.Collections.Concurrent (>= 4.3) - restriction: || (&& (== net461) (< net46)) (== netstandard2.0)
      System.Linq (>= 4.3) - restriction: || (&& (== net461) (< net46)) (== netstandard2.0)
      System.Resources.ResourceManager (>= 4.3) - restriction: || (&& (== net461) (< net46)) (== netstandard2.0)
      System.Runtime (>= 4.3) - restriction: || (&& (== net461) (< net46)) (== netstandard2.0)
      System.Runtime.Extensions (>= 4.3) - restriction: || (&& (== net461) (< net46)) (== netstandard2.0)
      System.Runtime.Handles (>= 4.3) - restriction: || (&& (== net461) (< net46)) (== netstandard2.0)
      System.Runtime.InteropServices (>= 4.3) - restriction: || (&& (== net461) (< net46)) (== netstandard2.0)
      System.Security.Cryptography.Primitives (>= 4.3) - restriction: || (&& (== net461) (< net46)) (== netstandard2.0)
      System.Text.Encoding (>= 4.3) - restriction: || (&& (== net461) (< net46)) (== netstandard2.0)
    System.Security.Cryptography.OpenSsl (4.5) - restriction: || (&& (== net461) (< net40) (>= netstandard2.0)) (&& (== net461) (>= netstandard1.6) (>= uap10.0)) (== netstandard2.0)
    System.Security.Cryptography.Primitives (4.3) - restriction: || (&& (== net461) (< net40) (>= netstandard2.0)) (&& (== net461) (>= netstandard1.6) (>= uap10.0)) (== netstandard2.0)
      System.Diagnostics.Debug (>= 4.3) - restriction: || (&& (== net461) (< net46)) (== netstandard2.0)
      System.Globalization (>= 4.3) - restriction: || (&& (== net461) (< net46)) (== netstandard2.0)
      System.IO (>= 4.3) - restriction: || (&& (== net461) (< net46)) (== netstandard2.0)
      System.Resources.ResourceManager (>= 4.3) - restriction: || (&& (== net461) (< net46)) (== netstandard2.0)
      System.Runtime (>= 4.3) - restriction: || (&& (== net461) (< net46)) (== netstandard2.0)
      System.Threading (>= 4.3) - restriction: || (&& (== net461) (< net46)) (== netstandard2.0)
      System.Threading.Tasks (>= 4.3) - restriction: || (&& (== net461) (< net46)) (== netstandard2.0)
    System.Security.Cryptography.X509Certificates (4.3.2) - restriction: || (&& (== net461) (< net40) (>= netstandard2.0)) (&& (== net461) (>= uap10.0)) (== netstandard2.0)
      Microsoft.NETCore.Platforms (>= 1.1) - restriction: || (&& (== net461) (< net46) (>= netstandard1.6)) (&& (== net461) (< netstandard1.3)) (== netstandard2.0)
      runtime.native.System (>= 4.3) - restriction: || (&& (== net461) (< net46) (>= netstandard1.6)) (== netstandard2.0)
      runtime.native.System.Net.Http (>= 4.3) - restriction: || (&& (== net461) (< net46) (>= netstandard1.6)) (== netstandard2.0)
      runtime.native.System.Security.Cryptography.OpenSsl (>= 4.3.2) - restriction: || (&& (== net461) (< net46) (>= netstandard1.6)) (== netstandard2.0)
      System.Collections (>= 4.3) - restriction: || (&& (== net461) (< net46) (>= netstandard1.6)) (&& (== net461) (< netstandard1.3)) (== netstandard2.0)
      System.Diagnostics.Debug (>= 4.3) - restriction: || (&& (== net461) (< net46) (>= netstandard1.6)) (== netstandard2.0)
      System.Globalization (>= 4.3) - restriction: || (&& (== net461) (< net46) (>= netstandard1.6)) (&& (== net461) (< netstandard1.3)) (== netstandard2.0)
      System.Globalization.Calendars (>= 4.3) - restriction: || (&& (== net461) (< net46) (>= netstandard1.6)) (&& (== net461) (< netstandard1.3)) (== netstandard2.0)
      System.IO (>= 4.3) - restriction: || (&& (== net461) (< net46) (>= netstandard1.6)) (&& (== net461) (< netstandard1.3)) (== netstandard2.0)
      System.IO.FileSystem (>= 4.3) - restriction: || (&& (== net461) (< net46) (>= netstandard1.6)) (&& (== net461) (< netstandard1.3)) (== netstandard2.0)
      System.IO.FileSystem.Primitives (>= 4.3) - restriction: || (&& (== net461) (< net46) (>= netstandard1.6)) (== netstandard2.0)
      System.Resources.ResourceManager (>= 4.3) - restriction: || (&& (== net461) (< net46) (>= netstandard1.6)) (&& (== net461) (< netstandard1.3)) (== netstandard2.0)
      System.Runtime (>= 4.3) - restriction: || (&& (== net461) (< net46)) (&& (== net461) (< netstandard1.3)) (== netstandard2.0)
      System.Runtime.Extensions (>= 4.3) - restriction: || (&& (== net461) (< net46) (>= netstandard1.6)) (&& (== net461) (< netstandard1.3)) (== netstandard2.0)
      System.Runtime.Handles (>= 4.3) - restriction: || (&& (== net461) (< net46)) (&& (== net461) (< netstandard1.3)) (== netstandard2.0)
      System.Runtime.InteropServices (>= 4.3) - restriction: || (&& (== net461) (< net46) (>= netstandard1.6)) (&& (== net461) (< netstandard1.3)) (== netstandard2.0)
      System.Runtime.Numerics (>= 4.3) - restriction: || (&& (== net461) (< net46) (>= netstandard1.6)) (&& (== net461) (< netstandard1.3)) (== netstandard2.0)
      System.Security.Cryptography.Algorithms (>= 4.3)
      System.Security.Cryptography.Cng (>= 4.3) - restriction: || (&& (== net461) (< net46) (>= netstandard1.6)) (&& (== net461) (< netstandard1.3)) (== netstandard2.0)
      System.Security.Cryptography.Csp (>= 4.3) - restriction: || (&& (== net461) (< net46) (>= netstandard1.6)) (== netstandard2.0)
      System.Security.Cryptography.Encoding (>= 4.3)
      System.Security.Cryptography.OpenSsl (>= 4.3) - restriction: || (&& (== net461) (< net46) (>= netstandard1.6)) (== netstandard2.0)
      System.Security.Cryptography.Primitives (>= 4.3) - restriction: || (&& (== net461) (< net46) (>= netstandard1.6)) (&& (== net461) (< netstandard1.3)) (== netstandard2.0)
      System.Text.Encoding (>= 4.3) - restriction: || (&& (== net461) (< net46) (>= netstandard1.6)) (&& (== net461) (< netstandard1.3)) (== netstandard2.0)
      System.Threading (>= 4.3) - restriction: || (&& (== net461) (< net46) (>= netstandard1.6)) (&& (== net461) (< netstandard1.3)) (== netstandard2.0)
    System.Text.Encoding (4.3) - restriction: || (&& (== net461) (< net45)) (&& (== net461) (< portable-net45+win8+wp8+wpa81)) (== netstandard2.0)
      Microsoft.NETCore.Platforms (>= 1.1) - restriction: || (&& (== net461) (< net45)) (&& (== net461) (< portable-net45+win8+wp8+wpa81)) (== netstandard2.0)
      Microsoft.NETCore.Targets (>= 1.1) - restriction: || (&& (== net461) (< net45)) (&& (== net461) (< portable-net45+win8+wp8+wpa81)) (== netstandard2.0)
      System.Runtime (>= 4.3) - restriction: || (&& (== net461) (< net45)) (&& (== net461) (< portable-net45+win8+wp8+wpa81)) (== netstandard2.0)
    System.Text.Encoding.Extensions (4.3) - restriction: || (&& (== net461) (< net45)) (&& (== net461) (< portable-net45+win8+wp8+wpa81)) (== netstandard2.0)
      Microsoft.NETCore.Platforms (>= 1.1) - restriction: || (&& (== net461) (< net45)) (&& (== net461) (< portable-net45+win8+wp8+wpa81)) (== netstandard2.0)
      Microsoft.NETCore.Targets (>= 1.1) - restriction: || (&& (== net461) (< net45)) (&& (== net461) (< portable-net45+win8+wp8+wpa81)) (== netstandard2.0)
      System.Runtime (>= 4.3) - restriction: || (&& (== net461) (< net45)) (&& (== net461) (< portable-net45+win8+wp8+wpa81)) (== netstandard2.0)
      System.Text.Encoding (>= 4.3) - restriction: || (&& (== net461) (< net45)) (&& (== net461) (< portable-net45+win8+wp8+wpa81)) (== netstandard2.0)
    System.Text.RegularExpressions (4.3) - restriction: || (&& (== net461) (< net45)) (&& (== net461) (< portable-net45+win8+wp8+wpa81)) (== netstandard2.0)
      System.Collections (>= 4.3) - restriction: || (&& (== net461) (< net45) (>= netstandard1.6)) (&& (== net461) (< portable-net45+win8+wp8+wpa81)) (== netstandard2.0)
      System.Globalization (>= 4.3) - restriction: || (&& (== net461) (< net45) (>= netstandard1.6)) (&& (== net461) (< portable-net45+win8+wp8+wpa81)) (== netstandard2.0)
      System.Resources.ResourceManager (>= 4.3) - restriction: || (&& (== net461) (< net45) (>= netstandard1.6)) (&& (== net461) (< portable-net45+win8+wp8+wpa81)) (== netstandard2.0)
      System.Runtime (>= 4.3) - restriction: || (&& (== net461) (< net45)) (&& (== net461) (>= netcoreapp1.1)) (&& (== net461) (< portable-net45+win8+wp8+wpa81)) (== netstandard2.0)
      System.Runtime.Extensions (>= 4.3) - restriction: || (&& (== net461) (< net45) (>= netstandard1.6)) (&& (== net461) (< portable-net45+win8+wp8+wpa81)) (== netstandard2.0)
      System.Threading (>= 4.3) - restriction: || (&& (== net461) (< net45) (>= netstandard1.6)) (&& (== net461) (< portable-net45+win8+wp8+wpa81)) (== netstandard2.0)
    System.Threading (4.3) - restriction: || (&& (== net461) (< net45)) (&& (== net461) (< portable-net45+win8+wp8+wpa81)) (== netstandard2.0)
      System.Runtime (>= 4.3) - restriction: || (&& (== net461) (< net45)) (&& (== net461) (< portable-net45+win8+wp8+wpa81)) (== netstandard2.0)
      System.Threading.Tasks (>= 4.3) - restriction: || (&& (== net461) (< net45)) (&& (== net461) (< portable-net45+win8+wp8+wpa81)) (== netstandard2.0)
    System.Threading.Tasks (4.3) - restriction: || (&& (== net461) (< net40) (>= netstandard2.0)) (&& (== net461) (>= uap10.0)) (== netstandard2.0)
      Microsoft.NETCore.Platforms (>= 1.1) - restriction: || (&& (== net461) (< net45)) (&& (== net461) (< portable-net45+win8+wp8+wpa81)) (== netstandard2.0)
      Microsoft.NETCore.Targets (>= 1.1) - restriction: || (&& (== net461) (< net45)) (&& (== net461) (< portable-net45+win8+wp8+wpa81)) (== netstandard2.0)
      System.Runtime (>= 4.3) - restriction: || (&& (== net461) (< net45)) (&& (== net461) (< portable-net45+win8+wp8+wpa81)) (== netstandard2.0)
    System.Threading.Tasks.Extensions (4.5.1) - restriction: || (&& (== net461) (< net45)) (&& (== net461) (< portable-net45+win8+wp8+wpa81)) (== netstandard2.0)
      System.Runtime.CompilerServices.Unsafe (>= 4.5)
    System.Xml.ReaderWriter (4.3.1) - restriction: || (&& (== net461) (< net45)) (&& (== net461) (< portable-net45+win8+wp8+wpa81)) (== netstandard2.0)
      System.Collections (>= 4.3) - restriction: || (&& (== net461) (< net45)) (&& (== net461) (< portable-net45+win8+wp8+wpa81)) (== netstandard2.0)
      System.Diagnostics.Debug (>= 4.3) - restriction: || (&& (== net461) (< net45)) (&& (== net461) (< portable-net45+win8+wp8+wpa81)) (== netstandard2.0)
      System.Globalization (>= 4.3) - restriction: || (&& (== net461) (< net45)) (&& (== net461) (< portable-net45+win8+wp8+wpa81)) (== netstandard2.0)
      System.IO (>= 4.3) - restriction: || (&& (== net461) (< net45)) (&& (== net461) (< portable-net45+win8+wp8+wpa81)) (== netstandard2.0)
      System.IO.FileSystem (>= 4.3) - restriction: || (&& (== net461) (< net45)) (&& (== net461) (< portable-net45+win8+wp8+wpa81)) (== netstandard2.0)
      System.IO.FileSystem.Primitives (>= 4.3) - restriction: || (&& (== net461) (< net45)) (&& (== net461) (< portable-net45+win8+wp8+wpa81)) (== netstandard2.0)
      System.Resources.ResourceManager (>= 4.3) - restriction: || (&& (== net461) (< net45)) (&& (== net461) (< portable-net45+win8+wp8+wpa81)) (== netstandard2.0)
      System.Runtime (>= 4.3) - restriction: || (&& (== net461) (< net45)) (&& (== net461) (< portable-net45+win8+wp8+wpa81)) (== netstandard2.0)
      System.Runtime.Extensions (>= 4.3) - restriction: || (&& (== net461) (< net45)) (&& (== net461) (< portable-net45+win8+wp8+wpa81)) (== netstandard2.0)
      System.Runtime.InteropServices (>= 4.3) - restriction: || (&& (== net461) (< net45)) (&& (== net461) (< portable-net45+win8+wp8+wpa81)) (== netstandard2.0)
      System.Text.Encoding (>= 4.3) - restriction: || (&& (== net461) (< net45)) (&& (== net461) (< portable-net45+win8+wp8+wpa81)) (== netstandard2.0)
      System.Text.Encoding.Extensions (>= 4.3) - restriction: || (&& (== net461) (< net45)) (&& (== net461) (< portable-net45+win8+wp8+wpa81)) (== netstandard2.0)
      System.Text.RegularExpressions (>= 4.3) - restriction: || (&& (== net461) (< net45)) (&& (== net461) (< portable-net45+win8+wp8+wpa81)) (== netstandard2.0)
      System.Threading.Tasks (>= 4.3) - restriction: || (&& (== net461) (< net45)) (&& (== net461) (< portable-net45+win8+wp8+wpa81)) (== netstandard2.0)
      System.Threading.Tasks.Extensions (>= 4.3) - restriction: || (&& (== net461) (< net45)) (&& (== net461) (< portable-net45+win8+wp8+wpa81)) (== netstandard2.0)
    System.Xml.XDocument (4.3)
      System.Collections (>= 4.3) - restriction: || (&& (== net461) (< net45)) (&& (== net461) (< portable-net45+win8+wp8+wpa81)) (== netstandard2.0)
      System.Diagnostics.Debug (>= 4.3) - restriction: || (&& (== net461) (< net45)) (&& (== net461) (< portable-net45+win8+wp8+wpa81)) (== netstandard2.0)
      System.Diagnostics.Tools (>= 4.3) - restriction: || (&& (== net461) (< net45)) (&& (== net461) (< portable-net45+win8+wp8+wpa81)) (== netstandard2.0)
      System.Globalization (>= 4.3) - restriction: || (&& (== net461) (< net45)) (&& (== net461) (< portable-net45+win8+wp8+wpa81)) (== netstandard2.0)
      System.IO (>= 4.3) - restriction: || (&& (== net461) (< net45)) (&& (== net461) (< portable-net45+win8+wp8+wpa81)) (== netstandard2.0)
      System.Reflection (>= 4.3) - restriction: || (&& (== net461) (< net45)) (&& (== net461) (< portable-net45+win8+wp8+wpa81)) (== netstandard2.0)
      System.Resources.ResourceManager (>= 4.3) - restriction: || (&& (== net461) (< net45)) (&& (== net461) (< portable-net45+win8+wp8+wpa81)) (== netstandard2.0)
      System.Runtime (>= 4.3) - restriction: || (&& (== net461) (< net45)) (&& (== net461) (< portable-net45+win8+wp8+wpa81)) (== netstandard2.0)
      System.Runtime.Extensions (>= 4.3) - restriction: || (&& (== net461) (< net45)) (&& (== net461) (< portable-net45+win8+wp8+wpa81)) (== netstandard2.0)
      System.Text.Encoding (>= 4.3) - restriction: || (&& (== net461) (< net45)) (&& (== net461) (< portable-net45+win8+wp8+wpa81)) (== netstandard2.0)
      System.Threading (>= 4.3) - restriction: || (&& (== net461) (< net45)) (&& (== net461) (< portable-net45+win8+wp8+wpa81)) (== netstandard2.0)
      System.Xml.ReaderWriter (>= 4.3) - restriction: || (&& (== net461) (< net45)) (&& (== net461) (< portable-net45+win8+wp8+wpa81)) (== netstandard2.0)
    System.Xml.XmlDocument (4.3) - restriction: || (&& (== net461) (< net40)) (== netstandard2.0)
      System.Collections (>= 4.3) - restriction: || (&& (== net461) (< net46)) (== netstandard2.0)
      System.Diagnostics.Debug (>= 4.3) - restriction: || (&& (== net461) (< net46)) (== netstandard2.0)
      System.Globalization (>= 4.3) - restriction: || (&& (== net461) (< net46)) (== netstandard2.0)
      System.IO (>= 4.3) - restriction: || (&& (== net461) (< net46)) (== netstandard2.0)
      System.Resources.ResourceManager (>= 4.3) - restriction: || (&& (== net461) (< net46)) (== netstandard2.0)
      System.Runtime (>= 4.3) - restriction: || (&& (== net461) (< net46)) (== netstandard2.0)
      System.Runtime.Extensions (>= 4.3) - restriction: || (&& (== net461) (< net46)) (== netstandard2.0)
      System.Text.Encoding (>= 4.3) - restriction: || (&& (== net461) (< net46)) (== netstandard2.0)
      System.Threading (>= 4.3) - restriction: || (&& (== net461) (< net46)) (== netstandard2.0)
      System.Xml.ReaderWriter (>= 4.3) - restriction: || (&& (== net461) (< net46)) (== netstandard2.0)
    System.Xml.XPath (4.3) - restriction: || (&& (== net461) (< net40)) (&& (== net461) (>= uap10.0)) (== netstandard2.0)
      System.Collections (>= 4.3) - restriction: || (&& (== net461) (< net46)) (== netstandard2.0)
      System.Diagnostics.Debug (>= 4.3) - restriction: || (&& (== net461) (< net46)) (== netstandard2.0)
      System.Globalization (>= 4.3) - restriction: || (&& (== net461) (< net46)) (== netstandard2.0)
      System.IO (>= 4.3) - restriction: || (&& (== net461) (< net46)) (== netstandard2.0)
      System.Resources.ResourceManager (>= 4.3) - restriction: || (&& (== net461) (< net46)) (== netstandard2.0)
      System.Runtime (>= 4.3) - restriction: || (&& (== net461) (< net46)) (== netstandard2.0)
      System.Runtime.Extensions (>= 4.3) - restriction: || (&& (== net461) (< net46)) (== netstandard2.0)
      System.Threading (>= 4.3) - restriction: || (&& (== net461) (< net46)) (== netstandard2.0)
      System.Xml.ReaderWriter (>= 4.3) - restriction: || (&& (== net461) (< net46)) (== netstandard2.0)
    System.Xml.XPath.XmlDocument (4.3) - restriction: || (&& (== net461) (< net40)) (&& (== net461) (>= uap10.0)) (== netstandard2.0)
      System.Collections (>= 4.3) - restriction: || (&& (== net461) (< net46)) (== netstandard2.0)
      System.Globalization (>= 4.3) - restriction: || (&& (== net461) (< net46)) (== netstandard2.0)
      System.IO (>= 4.3) - restriction: || (&& (== net461) (< net46)) (== netstandard2.0)
      System.Resources.ResourceManager (>= 4.3) - restriction: || (&& (== net461) (< net46)) (== netstandard2.0)
      System.Runtime (>= 4.3) - restriction: || (&& (== net461) (< net46)) (== netstandard2.0)
      System.Runtime.Extensions (>= 4.3) - restriction: || (&& (== net461) (< net46)) (== netstandard2.0)
      System.Threading (>= 4.3) - restriction: || (&& (== net461) (< net46)) (== netstandard2.0)
      System.Xml.ReaderWriter (>= 4.3) - restriction: || (&& (== net461) (< net46)) (== netstandard2.0)
      System.Xml.XmlDocument (>= 4.3)
      System.Xml.XPath (>= 4.3)
    WebSharper (4.5.1.304)
    WebSharper.FSharp (4.5.1.304)
      WebSharper (4.5.1.304)
    WebSharper.Owin (4.5.0.135)
      Microsoft.Owin (>= 3.0)
      Owin (>= 1.0 < 1.1)
      WebSharper (>= 4.5.1 < 4.6)
    WebSharper.Owin.WebSocket (4.5.0.139)
      CommonServiceLocator (>= 1.3 < 1.4)
      Microsoft.Owin (>= 3.0)
      Owin (>= 1.0 < 1.1)
      WebSharper (>= 4.5.1 < 4.6)
      WebSharper.Owin (>= 4.5 < 4.6)
    WebSharper.UI (4.5.1.141)
      HtmlAgilityPack (>= 1.7.1)
      System.Xml.XDocument (>= 4.3)
      WebSharper (>= 4.5.1 < 4.6)
    Zlib.Portable (1.11) - restriction: || (&& (== net461) (< net40)) (== netstandard2.0)

GROUP Testing
RESTRICTION: || (== net461) (== netstandard2.0)
NUGET
  remote: https://www.nuget.org/api/v2
    FSharp.Core (4.5.2)
    Fuchu (1.0.3)
      FSharp.Core (>= 3.1.2.1)
    Unquote (4.0)
      FSharp.Core (>= 4.2.3) - restriction: || (&& (== net461) (>= netstandard2.0)) (== netstandard2.0)
